GEM
  remote: https://rubygems.org/
  specs:
    ast (2.4.0)
    browser (2.5.3)
    chronic (0.10.2)
    coderay (1.1.2)
    method_source (0.9.0)
    mini_portile2 (2.1.0)
    mysql2 (0.5.1)
    nokogiri (1.6.8.1)
      mini_portile2 (~> 2.1.0)
    parallel (1.12.1)
    parser (2.5.1.0)
      ast (~> 2.4.0)
    powerpack (0.1.1)
    pry (0.11.3)
      coderay (~> 1.1.0)
      method_source (~> 0.9.0)
    rack (1.6.10)
    rack-protection (1.5.5)
      rack
    rainbow (3.0.0)
    rake (12.3.1)
    rubocop (0.55.0)
      parallel (~> 1.10)
      parser (>= 2.5)
      powerpack (~> 0.1)
      rainbow (>= 2.2.2, < 4.0)
      ruby-progressbar (~> 1.7)
      unicode-display_width (~> 1.0, >= 1.0.1)
    ruby-progressbar (1.9.0)
    sequel (5.8.0)
    shotgun (0.9.2)
      rack (>= 1.0)
    sinatra (1.4.8)
      rack (~> 1.5)
      rack-protection (~> 1.4)
      tilt (>= 1.3, < 3)
    tilt (2.0.8)
    unicode-display_width (1.3.2)
    whenever (0.10.0)
      chronic (>= 0.6.3)

PLATFORMS
  ruby

DEPENDENCIES
  browser (~> 2.0)
  mysql2
  nokogiri (~> 1.6.7)
  pry
  rake
  rubocop
  sequel
  shotgun (~> 0.9)
  sinatra (~> 1.4)
  whenever

BUNDLED WITH
   1.16.1
