GEM
  remote: https://rubygems.org/
  specs:
    ast (2.4.2)
    browser (2.7.1)
    chronic (0.10.2)
    coderay (1.1.3)
    method_source (1.0.0)
    mini_portile2 (2.1.0)
    mysql2 (0.5.3)
    nokogiri (1.6.8.1)
      mini_portile2 (~> 2.1.0)
    parallel (1.21.0)
    parser (3.0.2.0)
      ast (~> 2.4.1)
    pry (0.14.1)
      coderay (~> 1.1)
      method_source (~> 1.0)
    rack (1.6.13)
    rack-protection (1.5.5)
      rack
    rainbow (3.0.0)
    rake (13.0.6)
    regexp_parser (2.1.1)
    rexml (3.2.5)
    rubocop (1.21.0)
      parallel (~> 1.10)
      parser (>= 3.0.0.0)
      rainbow (>= 2.2.2, < 4.0)
      regexp_parser (>= 1.8, < 3.0)
      rexml
      rubocop-ast (>= 1.9.1, < 2.0)
      ruby-progressbar (~> 1.7)
      unicode-display_width (>= 1.4.0, < 3.0)
    rubocop-ast (1.11.0)
      parser (>= 3.0.1.1)
    ruby-progressbar (1.11.0)
    sequel (5.48.0)
    shotgun (0.9.2)
      rack (>= 1.0)
    sinatra (1.4.8)
      rack (~> 1.5)
      rack-protection (~> 1.4)
      tilt (>= 1.3, < 3)
    tilt (2.0.10)
    unicode-display_width (2.1.0)
    whenever (1.0.0)
      chronic (>= 0.6.3)

PLATFORMS
  ruby

DEPENDENCIES
  browser (~> 2.0)
  mysql2
  nokogiri (~> 1.6.7)
  pry
  rake
  rubocop
  sequel
  shotgun (~> 0.9)
  sinatra (~> 1.4)
  whenever

BUNDLED WITH
   1.17.3
